GEM
  remote: https://rubygems.org/
  specs:
    awesome_print (1.2.0)
    gitlab (4.2.0)
      httparty
      terminal-table
    httparty (0.15.6)
      multi_xml (>= 0.5.2)
    json (1.8.6)
    multi_xml (0.6.0)
    pdf-core (0.7.0)
    prawn (2.2.2)
      pdf-core (~> 0.7.0)
      ttfunk (~> 1.5)
    terminal-table (1.8.0)
      unicode-display_width (~> 1.1, >= 1.1.1)
    ttfunk (1.5.1)
    unicode-display_width (1.3.0)

PLATFORMS
  ruby

DEPENDENCIES
  awesome_print
  gitlab
  httparty
  json
  prawn

BUNDLED WITH
   1.11.2
